PATH
  remote: .
  specs:
    dtext_rb (1.11.5)

GEM
  remote: https://rubygems.org/
  specs:
    benchmark-ips (2.10.0)
    cgi (0.3.6)
    minitest (5.17.0)
    rake (13.0.6)
    rake-compiler (1.2.1)
      rake

PLATFORMS
  ruby

DEPENDENCIES
  benchmark-ips (~> 2.10)
  cgi (~> 0.3)
  dtext_rb!
  minitest (~> 5.15)
  rake (~> 13)
  rake-compiler (~> 1.1)

BUNDLED WITH
   2.4.3
