PATH
  remote: .
  specs:
    dtext_rb (1.10.8)
      nokogiri (~> 1.10)

GEM
  remote: https://rubygems.org/
  specs:
    cgi (0.3.6)
    mini_portile2 (2.8.1)
    minitest (5.17.0)
    nokogiri (1.14.0)
      mini_portile2 (~> 2.8.0)
      racc (~> 1.4)
    racc (1.6.2)
    rake (13.0.6)
    rake-compiler (1.2.1)
      rake

PLATFORMS
  ruby

DEPENDENCIES
  cgi (~> 0.3)
  dtext_rb!
  minitest (~> 5.15)
  rake (~> 13)
  rake-compiler (~> 1.1)

BUNDLED WITH
   2.4.3
